GEM
  remote: https://rubygems.org/
  specs:
    bitters (1.0.0)
      bourbon (>= 3.2)
      sass (>= 3.2)
      thor
    bourbon (4.2.0)
      sass (~> 3.4)
      thor
    sass (3.4.13)
    thor (0.19.1)

PLATFORMS
  ruby

DEPENDENCIES
  bitters
